GEM
  remote: https://rubygems.org/
  specs:
    activesupport (4.2.9)
      i18n (~> 0.7)
      minitest (~> 5.1)
      thread_safe (~> 0.3, >= 0.3.4)
      tzinfo (~> 1.1)
    addressable (2.5.1)
      public_suffix (~> 2.0, >= 2.0.2)
    colorator (1.1.0)
    ffi (1.9.18)
    forwardable-extended (2.6.0)
    gemoji (3.0.0)
    html-pipeline (2.6.0)
      activesupport (>= 2)
      nokogiri (>= 1.4)
    i18n (0.8.4)
    jekyll (3.4.3)
      addressable (~> 2.4)
      colorator (~> 1.0)
      jekyll-sass-converter (~> 1.0)
      jekyll-watch (~> 1.1)
      kramdown (~> 1.3)
      liquid (~> 3.0)
      mercenary (~> 0.3.3)
      pathutil (~> 0.9)
      rouge (~> 1.7)
      safe_yaml (~> 1.0)
    jekyll-feed (0.9.2)
      jekyll (~> 3.3)
    jekyll-paginate (1.1.0)
    jekyll-sass-converter (1.5.0)
      sass (~> 3.4)
    jekyll-watch (1.5.0)
      listen (~> 3.0, < 3.1)
    jemoji (0.8.0)
      activesupport (~> 4.0)
      gemoji (~> 3.0)
      html-pipeline (~> 2.2)
      jekyll (>= 3.0)
    kramdown (1.13.2)
    liquid (3.0.6)
    listen (3.0.8)
      rb-fsevent (~> 0.9, >= 0.9.4)
      rb-inotify (~> 0.9, >= 0.9.7)
    mercenary (0.3.6)
    mini_portile2 (2.2.0)
    minitest (5.10.2)
    nokogiri (1.8.0)
      mini_portile2 (~> 2.2.0)
    pathutil (0.14.0)
      forwardable-extended (~> 2.6)
    public_suffix (2.0.5)
    rb-fsevent (0.9.8)
    rb-inotify (0.9.8)
      ffi (>= 0.5.0)
    redcarpet (3.4.0)
    rouge (1.11.1)
    safe_yaml (1.0.4)
    sass (3.4.24)
    thread_safe (0.3.6)
    tzinfo (1.2.3)
      thread_safe (~> 0.1)

PLATFORMS
  ruby

DEPENDENCIES
  jekyll
  jekyll-feed
  jekyll-paginate
  jemoji
  redcarpet

BUNDLED WITH
   1.13.6
